GEM
  remote: https://rubygems.org/
  specs:
    docker-api (1.21.2)
      excon (>= 0.38.0)
      json
    excon (0.45.3)
    foreman (0.78.0)
      thor (~> 0.19.1)
    json (1.8.2)
    mono_logger (1.1.0)
    multi_json (1.10.0)
    rack (1.5.2)
    rack-protection (1.5.3)
      rack
    rake (10.3.1)
    redis (3.0.7)
    redis-namespace (1.4.1)
      redis (~> 3.0.4)
    resque (1.25.2)
      mono_logger (~> 1.0)
      multi_json (~> 1.0)
      redis-namespace (~> 1.3)
      sinatra (>= 0.9.2)
      vegas (~> 0.1.2)
    resque-loner (1.3.0)
      resque (~> 1.0)
    shotgun (0.9)
      rack (>= 1.0)
    sinatra (1.4.5)
      rack (~> 1.4)
      rack-protection (~> 1.4)
      tilt (~> 1.3, >= 1.3.4)
    thor (0.19.1)
    tilt (1.4.1)
    vegas (0.1.11)
      rack (>= 1.0.0)

PLATFORMS
  ruby

DEPENDENCIES
  docker-api
  foreman
  rake
  resque
  resque-loner
  shotgun
  sinatra
